PATH
  remote: .
  specs:
    i18n (0.7.0)

GEM
  remote: https://rubygems.org/
  specs:
    autotest-suffix (1.1.0)
    metaclass (0.0.4)
    minitest (5.9.0)
    minitest-autotest (1.0.3)
      minitest-server (~> 1.0)
    minitest-server (1.0.4)
      minitest (~> 5.0)
    mocha (1.1.0)
      metaclass (~> 0.0.1)
    rake (10.4.2)
    test_declarative (0.0.5)

PLATFORMS
  java
  ruby

DEPENDENCIES
  autotest-suffix
  i18n!
  minitest
  minitest-autotest
  mocha
  rake
  test_declarative

BUNDLED WITH
   1.11.2
